PATH
  remote: .
  specs:
    jemalloc (1.0.3)

GEM
  remote: https://rubygems.org/
  specs:
    rake (13.0.3)
    rake-compiler (0.7.9)
      rake

PLATFORMS
  ruby

DEPENDENCIES
  bundler (>= 1.0.0)
  jemalloc!
  rake (>= 0.8.7)
  rake-compiler (~> 0.7.1)

BUNDLED WITH
   1.17.3
